PATH
  remote: .
  specs:
    attache_client (0.0.1)

GEM
  remote: https://rubygems.org/
  specs:

PLATFORMS
  ruby

DEPENDENCIES
  attache_client!
